GEM
  remote: https://rubygems.org/
  specs:
    amq-protocol (2.0.1)
    bunny (2.4.0)
      amq-protocol (>= 2.0.1)
    httparty (0.15.6)
      multi_xml (>= 0.5.2)
    multi_xml (0.6.0)

PLATFORMS
  ruby

DEPENDENCIES
  bunny
  httparty

BUNDLED WITH
   1.16.1
