GEM
  remote: https://rubygems.org/
  specs:
    amq-protocol (2.0.1)
    bunny (2.4.0)
      amq-protocol (>= 2.0.1)

PLATFORMS
  ruby

DEPENDENCIES
  bunny

BUNDLED WITH
   1.12.5
